GEM
  remote: https://rubygems.org/
  specs:
    rake (13.0.1)
    rubyzip (2.0.0)

PLATFORMS
  ruby

DEPENDENCIES
  rake
  rubyzip

BUNDLED WITH
   2.0.1
